GEM
  specs:
    domain_name (0.5.3)
      unf (~> 0.0.3)
    httparty (0.8.3)
      multi_json (~> 1.0)
      multi_xml
    mechanize (2.5.1)
      domain_name (~> 0.5, >= 0.5.1)
      mime-types (~> 1.17, >= 1.17.2)
      net-http-digest_auth (~> 1.1, >= 1.1.1)
      net-http-persistent (~> 2.5, >= 2.5.2)
      nokogiri (~> 1.4)
      ntlm-http (~> 0.1, >= 0.1.1)
      webrobots (~> 0.0, >= 0.0.9)
    mime-types (1.18)
    multi_json (1.3.4)
    multi_xml (0.4.4)
    net-http-digest_auth (1.2.1)
    net-http-persistent (2.7)
    nokogiri (1.5.2-x86-mingw32)
    ntlm-http (0.1.1)
    unf (0.0.5)
      unf_ext
    unf_ext (0.0.5-x86-mingw32)
    webrobots (0.0.13)

PLATFORMS
  x86-mingw32

DEPENDENCIES
  httparty
  mechanize
  nokogiri
